PATH
  remote: ../henson
  specs:
    henson (0.0.0)
      thor (~> 0.16.0)

GEM
  remote: http://rubygems.org/
  specs:
    builder (3.1.4)
    excon (0.16.7)
    facter (1.6.14)
    fog (1.6.0)
      builder
      excon (~> 0.14)
      formatador (~> 0.2.0)
      mime-types
      multi_json (~> 1.0)
      net-scp (~> 1.0.4)
      net-ssh (>= 2.1.3)
      nokogiri (~> 1.5.0)
      ruby-hmac
    formatador (0.2.4)
    guid (0.1.1)
    hiera (1.0.0)
    mime-types (1.19)
    multi_json (1.3.7)
    net-scp (1.0.4)
      net-ssh (>= 1.99.1)
    net-ssh (2.6.1)
    nokogiri (1.5.5)
    puppet (3.0.1)
      facter (~> 1.6.11)
      hiera (~> 1.0.0)
    ruby-hmac (0.4.0)
    thor (0.16.0)

PLATFORMS
  ruby

DEPENDENCIES
  fog
  guid
  henson!
  puppet (~> 3.0.1)
